GEM
  remote: https://rubygems.org/
  specs:
    addressable (2.3.4)
    highline (1.6.18)
    launchy (2.3.0)
      addressable (~> 2.3)

PLATFORMS
  ruby

DEPENDENCIES
  highline
  launchy
