GEM
  remote: https://rubygems.org/
  specs:
    addressable (2.3.4)
    awesome_print (1.2.0)
    coderay (1.0.8)
    eventmachine (1.0.3)
    ffi (1.9.0)
    git (1.2.6)
    highline (1.6.18)
    htmlentities (4.3.1)
    launchy (2.3.0)
      addressable (~> 2.3)
    log4r (1.1.10)
    mini_portile (0.5.0)
    net-sftp (2.1.2)
      net-ssh (>= 2.6.5)
    net-ssh (2.6.7)
    nokogiri (1.6.0)
      mini_portile (~> 0.5.0)
    plist (3.1.0)
    qtbindings (4.8.3.0)
    rbkb (0.6.12)
      eventmachine (>= 0.12.8)
    sqlite3 (1.3.8)
    trollop (2.0)

PLATFORMS
  ruby

DEPENDENCIES
  awesome_print
  coderay
  eventmachine
  ffi
  git
  highline
  htmlentities
  launchy
  log4r
  net-sftp
  net-ssh
  nokogiri
  plist
  qtbindings
  rbkb
  sqlite3
  trollop
