GEM
  remote: https://rubygems.org/
  specs:
    addressable (2.3.4)
    eventmachine (1.0.3)
    highline (1.6.18)
    launchy (2.3.0)
      addressable (~> 2.3)
    mini_portile (0.5.0)
    net-sftp (2.1.2)
      net-ssh (>= 2.6.5)
    net-ssh (2.6.7)
    nokogiri (1.6.0)
      mini_portile (~> 0.5.0)
    plist (3.1.0)
    rbkb (0.6.12)
      eventmachine (>= 0.12.8)
    sqlite3 (1.3.8)
    trollop (2.0)

PLATFORMS
  ruby

DEPENDENCIES
  highline
  launchy
  net-sftp
  net-ssh
  nokogiri
  plist
  rbkb
  sqlite3
  trollop
