PATH
  remote: .
  specs:
    idb (2.8.2)
      awesome_print
      coderay
      ffi
      git
      hexdump
      htmlentities
      json
      launchy
      log4r
      net-sftp
      net-ssh
      nokogiri
      plist4r
      qtbindings
      sqlite3

GEM
  remote: https://rubygems.org/
  specs:
    addressable (2.3.8)
    awesome_print (1.6.1)
    coderay (1.1.0)
    ffi (1.9.8)
    git (1.2.9.1)
    haml (4.0.6)
      tilt
    hexdump (0.2.3)
    htmlentities (4.3.3)
    json (1.8.2)
    launchy (2.4.3)
      addressable (~> 2.3)
    libxml-ruby (2.8.0)
    libxml4r (0.2.6)
      libxml-ruby (>= 1.1.3)
    log4r (1.1.10)
    mini_portile (0.6.2)
    net-sftp (2.1.2)
      net-ssh (>= 2.6.5)
    net-ssh (2.9.2)
    nokogiri (1.6.6.2)
      mini_portile (~> 0.6.0)
    plist4r (1.2.2)
      haml
      libxml-ruby
      libxml4r
    qtbindings (4.8.6.0)
    rake (10.3.2)
    sqlite3 (1.3.10)
    tilt (2.0.1)

PLATFORMS
  ruby

DEPENDENCIES
  bundler (~> 1.6)
  idb!
  rake
