GEM
  remote: https://rubygems.org/
  specs:
    addressable (2.3.4)
    highline (1.6.18)
    launchy (2.3.0)
      addressable (~> 2.3)
    net-sftp (2.1.2)
      net-ssh (>= 2.6.5)
    net-ssh (2.6.7)
    plist (3.1.0)
    trollop (2.0)

PLATFORMS
  ruby

DEPENDENCIES
  highline
  launchy
  net-sftp
  net-ssh
  plist
  trollop
