PATH
  remote: .
  specs:
    idb (2.9.0)
      awesome_print
      coderay
      ffi
      git
      hexdump
      htmlentities
      json
      launchy
      log4r
      net-sftp
      net-ssh
      nokogiri
      plist4r
      qtbindings
      sqlite3

GEM
  remote: https://rubygems.org/
  specs:
    addressable (2.4.0)
    awesome_print (1.6.1)
    byebug (9.0.6)
    coderay (1.1.0)
    ffi (1.9.10)
    git (1.2.9.1)
    haml (4.0.7)
      tilt
    hexdump (0.2.3)
    htmlentities (4.3.4)
    json (1.8.3)
    launchy (2.4.3)
      addressable (~> 2.3)
    libxml-ruby (2.8.0)
    libxml4r (0.2.6)
      libxml-ruby (>= 1.1.3)
    log4r (1.1.10)
    method_source (0.8.2)
    mini_portile2 (2.0.0)
    net-sftp (2.1.2)
      net-ssh (>= 2.6.5)
    net-ssh (3.0.1)
    nokogiri (1.6.7.2)
      mini_portile2 (~> 2.0.0.rc2)
    plist4r (1.2.2)
      haml
      libxml-ruby
      libxml4r
    pry (0.10.4)
      coderay (~> 1.1.0)
      method_source (~> 0.8.1)
      slop (~> 3.4)
    pry-byebug (3.4.0)
      byebug (~> 9.0)
      pry (~> 0.10)
    qtbindings (4.8.6.2)
    rake (10.4.2)
    slop (3.6.0)
    sqlite3 (1.3.11)
    tilt (2.0.1)

PLATFORMS
  ruby

DEPENDENCIES
  bundler (~> 1.6)
  idb!
  pry
  pry-byebug
  rake

BUNDLED WITH
   1.12.5
